GEM
  remote: http://rubygems.org/
  specs:
    abstract (1.0.0)
    actionmailer (2.3.11)
      actionpack (= 2.3.11)
    actionpack (2.3.11)
      activesupport (= 2.3.11)
      rack (~> 1.1.0)
    activerecord (2.3.11)
      activesupport (= 2.3.11)
    activeresource (2.3.11)
      activesupport (= 2.3.11)
    activesupport (2.3.11)
    authlogic (2.1.3)
      activesupport
    aws-s3 (0.6.2)
      builder
      mime-types
      xml-simple
    bluecloth (2.0.10)
    builder (2.1.2)
    closure-compiler (1.0.0)
    columnize (0.3.2)
    compass (0.10.5)
      haml (>= 3.0.4)
    daemons (1.1.0)
    diff-lcs (1.1.2)
    erubis (2.6.6)
      abstract (>= 1.0.0)
    facebooker (1.0.75)
      json_pure (>= 1.0.0)
    fastercsv (1.5.3)
    haml (3.0.22)
    hashery (1.3.0)
    highline (1.6.1)
    hpricot (0.8.2)
    icalendar (1.1.5)
    jammit (0.6.0)
      closure-compiler (>= 0.1.0)
      yui-compressor (>= 0.9.1)
    json_pure (1.5.1)
    libxml-ruby (1.1.3)
    linecache (0.43)
    macaddr (1.0.0)
    mime-types (1.16)
    mini_magick (1.3.2)
      subexec (~> 0.0.4)
    mysql (2.8.1)
    nokogiri (1.4.1)
    oauth (0.3.4)
      ruby-hmac (>= 0.3.1)
    rack (1.1.0)
    rack-test (0.5.7)
      rack (>= 1.0)
    rails (2.3.11)
      actionmailer (= 2.3.11)
      actionpack (= 2.3.11)
      activerecord (= 2.3.11)
      activeresource (= 2.3.11)
      activesupport (= 2.3.11)
      rake (>= 0.8.3)
    rake (0.8.7)
    ratom (0.6.7)
      libxml-ruby (>= 1.1.2)
    rcov (0.9.9)
    rscribd (1.2.0)
      mime-types
    rspec (1.3.0)
    rspec-rails (1.3.2)
      rack (>= 1.0.0)
      rspec (>= 1.3.0)
    ruby-debug (0.10.4)
      columnize (>= 0.1)
      ruby-debug-base (~> 0.10.4.0)
    ruby-debug-base (0.10.4)
      linecache (>= 0.3)
    ruby-hmac (0.4.0)
    ruby-net-ldap (0.0.4)
    ruby-saml-mod (0.1.0)
    rubyzip (0.9.4)
    rufus-scheduler (2.0.6)
    sanitize (1.2.1)
      nokogiri (~> 1.4.1)
    selenium-client (1.2.18)
    sqlite3-ruby (1.3.2)
    subexec (0.0.4)
    uuid (2.3.1)
      macaddr (~> 1.0)
    webrat (0.7.2)
      nokogiri (>= 1.2.0)
      rack (>= 1.0)
      rack-test (>= 0.5.3)
    will_paginate (2.3.15)
    xml-simple (1.0.12)
    yard (0.6.3)
    yui-compressor (0.9.3)

PLATFORMS
  ruby

DEPENDENCIES
  authlogic (= 2.1.3)
  aws-s3 (= 0.6.2)
  bluecloth (= 2.0.10)
  builder (= 2.1.2)
  closure-compiler
  compass (= 0.10.5)
  daemons (= 1.1.0)
  diff-lcs (= 1.1.2)
  erubis (= 2.6.6)
  facebooker (= 1.0.75)
  fastercsv (= 1.5.3)
  haml (= 3.0.22)
  hashery (= 1.3.0)
  highline (= 1.6.1)
  hpricot (= 0.8.2)
  icalendar (= 1.1.5)
  jammit (= 0.6.0)
  libxml-ruby (= 1.1.3)
  mime-types (= 1.16)
  mini_magick (= 1.3.2)
  mysql (= 2.8.1)
  nokogiri (= 1.4.1)
  oauth (= 0.3.4)
  rails (= 2.3.11)
  ratom (= 0.6.7)
  rcov (= 0.9.9)
  rscribd (= 1.2.0)
  rspec (= 1.3.0)
  rspec-rails (= 1.3.2)
  ruby-debug (= 0.10.4)
  ruby-net-ldap (= 0.0.4)
  ruby-saml-mod (= 0.1.0)
  rubyzip (= 0.9.4)
  rufus-scheduler (= 2.0.6)
  sanitize (= 1.2.1)
  selenium-client (= 1.2.18)
  sqlite3-ruby (= 1.3.2)
  uuid (= 2.3.1)
  webrat (= 0.7.2)
  will_paginate (= 2.3.15)
  xml-simple (= 1.0.12)
  yard (= 0.6.3)
  yui-compressor
